GIT
  remote: git://github.com/johnbintz/jasmine-headless-webkit.git
  revision: f83222832558a9623b8161e8fe6e50e1cf1aa21c
  branch: travis-test
  specs:
    jasmine-headless-webkit (0.7.0)
      coffee-script (>= 2.2)
      jasmine-core (~> 1.1.beta)
      multi_json
      rainbow

GEM
  remote: http://rubygems.org/
  specs:
    childprocess (0.2.2)
      ffi (~> 1.0.6)
    cmdparse (2.0.3)
    coffee-script (2.2.0)
      coffee-script-source
      execjs
    coffee-script-source (1.1.2)
    diff-lcs (1.1.3)
    execjs (1.2.9)
      multi_json (~> 1.0)
    ffi (1.0.9)
    guard (0.8.4)
      thor (~> 0.14.6)
    guard-jasmine-headless-webkit (0.3.0)
      guard (>= 0.4.0)
      jasmine-headless-webkit (>= 0.7.0)
    jasmine (1.1.0)
      jasmine-core (>= 1.1.0)
      rack (>= 1.1)
      rspec (>= 1.3.1)
      selenium-webdriver (>= 0.1.3)
    jasmine-core (1.2.0.rc1)
    json (1.6.1)
    json_pure (1.6.1)
    juicer (1.0.13)
      cmdparse
      nokogiri (>= 1.5.0)
      rubyzip
    multi_json (1.0.3)
    nokogiri (1.5.0)
    rack (1.3.3)
    rainbow (1.1.1)
    rake (0.9.2)
    rspec (2.6.0)
      rspec-core (~> 2.6.0)
      rspec-expectations (~> 2.6.0)
      rspec-mocks (~> 2.6.0)
    rspec-core (2.6.4)
    rspec-expectations (2.6.0)
      diff-lcs (~> 1.1.2)
    rspec-mocks (2.6.0)
    rubyzip (0.9.4)
    selenium-webdriver (2.6.0)
      childprocess (>= 0.2.1)
      ffi (>= 1.0.7)
      json_pure
      rubyzip
    thor (0.14.6)

PLATFORMS
  ruby

DEPENDENCIES
  guard-jasmine-headless-webkit
  jasmine
  jasmine-headless-webkit!
  json
  juicer
  rake
